GEM
  remote: http://rubygems.org/
  specs:
    addressable (2.3.2)
    daemons (1.1.9)
    eventmachine (1.0.0)
    faraday (0.8.4)
      multipart-post (~> 1.1)
    koala (1.6.0)
      addressable (~> 2.2)
      faraday (~> 0.8)
      multi_json (~> 1.3)
    multi_json (1.5.0)
    multipart-post (1.1.5)
    rack (1.4.4)
    sinatra (1.1.0)
      rack (~> 1.1)
      tilt (~> 1.1)
    thin (1.5.0)
      daemons (>= 1.0.9)
      eventmachine (>= 0.12.6)
      rack (>= 1.0.0)
    tilt (1.3.3)

PLATFORMS
  ruby

DEPENDENCIES
  koala
  sinatra (= 1.1.0)
  thin
